GEM
  remote: http://rubygems.org/
  specs:
    autotest (4.4.1)
    autotest-fsevent (0.2.3)
      sys-uname
    autotest-growl (0.2.6)
    backports (1.18.2)
    diff-lcs (1.1.2)
    fakeweb (1.3.0)
    json (1.4.6)
    monkey-lib (0.5.4)
      backports
    newrelic_rpm (2.13.3)
    nokogiri (1.4.4)
    rack (1.2.1)
    rack-test (0.5.6)
      rack (>= 1.0)
    rspec (2.1.0)
      rspec-core (~> 2.1.0)
      rspec-expectations (~> 2.1.0)
      rspec-mocks (~> 2.1.0)
    rspec-core (2.1.0)
    rspec-expectations (2.1.0)
      diff-lcs (~> 1.1.2)
    rspec-mocks (2.1.0)
    sinatra (1.1.0)
      rack (~> 1.1)
      tilt (~> 1.1)
    sinatra-advanced-routes (0.5.1)
      monkey-lib (~> 0.5.0)
      sinatra (~> 1.0)
      sinatra-sugar (~> 0.5.0)
    sinatra-reloader (0.5.0)
      sinatra (~> 1.0)
      sinatra-advanced-routes (~> 0.5.0)
    sinatra-sugar (0.5.0)
      monkey-lib (~> 0.5.0)
      sinatra (~> 1.0)
    sys-uname (0.8.4)
    tilt (1.1)

PLATFORMS
  ruby

DEPENDENCIES
  autotest
  autotest-fsevent
  autotest-growl
  fakeweb
  json
  newrelic_rpm
  nokogiri
  rack
  rack-test
  rspec
  sinatra
  sinatra-reloader
