GEM
  remote: http://rubygems.org/
  specs:
    addressable (2.2.2)
    autotest (4.4.1)
    autotest-fsevent (0.2.3)
      sys-uname
    autotest-growl (0.2.6)
    backports (1.18.2)
    daemons (1.1.0)
    diff-lcs (1.1.2)
    em-http-request (0.3.0)
      addressable (>= 2.0.0)
      escape_utils
      eventmachine (>= 0.12.9)
    em-synchrony (0.2.0)
      eventmachine (>= 0.12.9)
    escape_utils (0.1.9)
    eventmachine (0.12.10)
    fakeweb (1.3.0)
    json (1.4.6)
    monkey-lib (0.5.4)
      backports
    newrelic_rpm (2.13.3)
    nokogiri (1.4.4)
    rack (1.2.1)
    rack-fiber_pool (0.9.1)
    rack-test (0.5.6)
      rack (>= 1.0)
    rspec (2.1.0)
      rspec-core (~> 2.1.0)
      rspec-expectations (~> 2.1.0)
      rspec-mocks (~> 2.1.0)
    rspec-core (2.1.0)
    rspec-expectations (2.1.0)
      diff-lcs (~> 1.1.2)
    rspec-mocks (2.1.0)
    sinatra (1.1.0)
      rack (~> 1.1)
      tilt (~> 1.1)
    sinatra-advanced-routes (0.5.1)
      monkey-lib (~> 0.5.0)
      sinatra (~> 1.0)
      sinatra-sugar (~> 0.5.0)
    sinatra-reloader (0.5.0)
      sinatra (~> 1.0)
      sinatra-advanced-routes (~> 0.5.0)
    sinatra-sugar (0.5.0)
      monkey-lib (~> 0.5.0)
      sinatra (~> 1.0)
    sys-uname (0.8.4)
    thin (1.2.7)
      daemons (>= 1.0.9)
      eventmachine (>= 0.12.6)
      rack (>= 1.0.0)
    tilt (1.1)

PLATFORMS
  ruby

DEPENDENCIES
  addressable
  autotest
  autotest-fsevent
  autotest-growl
  em-http-request
  em-synchrony
  eventmachine
  fakeweb
  json
  newrelic_rpm
  nokogiri
  rack
  rack-fiber_pool
  rack-test
  rspec
  sinatra
  sinatra-reloader
  thin
